GEM
  remote: https://rubygems.org/
  specs:
    byebug (9.0.6)
    daemons (1.2.4)
    dotenv (2.1.2)
    ffi (1.9.17)
    listen (3.0.8)
      rb-fsevent (~> 0.9, >= 0.9.4)
      rb-inotify (~> 0.9, >= 0.9.7)
    mail (2.6.4)
      mime-types (>= 1.16, < 4)
    mime-types (3.1)
      mime-types-data (~> 3.2015)
    mime-types-data (3.2016.0521)
    rb-fsevent (0.9.8)
    rb-inotify (0.9.7)
      ffi (>= 0.5.0)

PLATFORMS
  ruby

DEPENDENCIES
  byebug
  daemons
  dotenv
  listen
  mail

BUNDLED WITH
   1.12.5
